GEM
  remote: https://rubygems.org/
  specs:
    OptionParser (0.5.1)
    diff-lcs (1.2.5)
    docile (1.1.5)
    json (1.8.1)
    multi_json (1.10.1)
    rake (10.1.0)
    rspec (3.1.0)
      rspec-core (~> 3.1.0)
      rspec-expectations (~> 3.1.0)
      rspec-mocks (~> 3.1.0)
    rspec-core (3.1.5)
      rspec-support (~> 3.1.0)
    rspec-expectations (3.1.2)
      diff-lcs (>= 1.2.0, < 2.0)
      rspec-support (~> 3.1.0)
    rspec-mocks (3.1.2)
      rspec-support (~> 3.1.0)
    rspec-support (3.1.1)
    rubytree (0.9.4)
      json (~> 1.8)
      structured_warnings (~> 0.1)
    simplecov (0.9.1)
      docile (~> 1.1.0)
      multi_json (~> 1.0)
      simplecov-html (~> 0.8.0)
    simplecov-html (0.8.0)
    structured_warnings (0.1.4)

PLATFORMS
  ruby

DEPENDENCIES
  OptionParser (~> 0.5.1)
  rake (~> 10.1.0)
  rspec (~> 3.1.0)
  rubytree (~> 0.9.4)
  simplecov

BUNDLED WITH
   1.11.2
